PATH
  remote: .
  specs:
    tddium_client (0.0.7)
      httparty
      json

GEM
  remote: http://rubygems.org/
  specs:
    crack (0.1.8)
    diff-lcs (1.1.2)
    fakefs (0.3.1)
    fakeweb (1.3.0)
    httparty (0.7.4)
      crack (= 0.1.8)
    json (1.5.1)
    rack (1.2.2)
    rack-test (0.5.7)
      rack (>= 1.0)
    rake (0.8.7)
    rspec (2.5.0)
      rspec-core (~> 2.5.0)
      rspec-expectations (~> 2.5.0)
      rspec-mocks (~> 2.5.0)
    rspec-core (2.5.1)
    rspec-expectations (2.5.0)
      diff-lcs (~> 1.1.2)
    rspec-mocks (2.5.0)
    simplecov (0.4.1)
      simplecov-html (~> 0.4.3)
    simplecov-html (0.4.3)

PLATFORMS
  ruby

DEPENDENCIES
  fakefs
  fakeweb
  rack-test
  rake
  rspec
  simplecov
  tddium_client!
