PATH
  remote: .
  specs:
    tddium_client (0.6.1)
      httpclient (>= 2.2.5)
      json

GEM
  remote: https://rubygems.org/
  specs:
    addressable (2.4.0)
    crack (0.4.3)
      safe_yaml (~> 1.0.0)
    diff-lcs (1.1.3)
    fakefs (0.4.0)
    hashdiff (0.3.0)
    httpclient (2.8.3)
    json (2.1.0)
    multi_json (1.3.6)
    rack (1.6.8)
    rack-test (0.6.1)
      rack (>= 1.0)
    rake (0.9.2.2)
    rspec (2.11.0)
      rspec-core (~> 2.11.0)
      rspec-expectations (~> 2.11.0)
      rspec-mocks (~> 2.11.0)
    rspec-core (2.11.1)
    rspec-expectations (2.11.2)
      diff-lcs (~> 1.1.3)
    rspec-mocks (2.11.2)
    safe_yaml (1.0.4)
    simplecov (0.6.4)
      multi_json (~> 1.0)
      simplecov-html (~> 0.5.3)
    simplecov-html (0.5.3)
    webmock (1.24.4)
      addressable (>= 2.3.6)
      crack (>= 0.3.2)
      hashdiff

PLATFORMS
  ruby

DEPENDENCIES
  fakefs
  rack-test
  rake
  rspec
  simplecov
  tddium_client!
  webmock

BUNDLED WITH
   1.15.3
