PATH
  remote: .
  specs:
    tddium_client (0.1.4)
      httparty (>= 0.8.1)
      json

GEM
  remote: http://rubygems.org/
  specs:
    diff-lcs (1.1.3)
    fakefs (0.4.0)
    fakeweb (1.3.0)
    httparty (0.8.1)
      multi_json
      multi_xml
    json (1.6.5)
    multi_json (1.0.3)
    multi_xml (0.4.1)
    rack (1.3.5)
    rack-test (0.6.1)
      rack (>= 1.0)
    rake (0.9.2.2)
    rspec (2.7.0)
      rspec-core (~> 2.7.0)
      rspec-expectations (~> 2.7.0)
      rspec-mocks (~> 2.7.0)
    rspec-core (2.7.1)
    rspec-expectations (2.7.0)
      diff-lcs (~> 1.1.2)
    rspec-mocks (2.7.0)
    simplecov (0.5.3)
      multi_json (~> 1.0.3)
      simplecov-html (~> 0.5.3)
    simplecov-html (0.5.3)

PLATFORMS
  ruby

DEPENDENCIES
  fakefs
  fakeweb
  rack-test
  rake
  rspec
  simplecov
  tddium_client!
